PATH
  remote: .
  specs:
    graphy (0.1.0)
      ruby-graphviz (~> 1.2.0)

GEM
  remote: https://rubygems.org/
  specs:
    minitest (5.14.2)
    rake (12.3.3)
    rexml (3.2.4)
    ruby-graphviz (1.2.5)
      rexml

PLATFORMS
  ruby

DEPENDENCIES
  graphy!
  minitest (~> 5.0)
  rake (~> 12.0)

BUNDLED WITH
   2.1.4
